GEM
  remote: https://rubygems.org/
  specs:
    nokogiri (1.14.2-arm64-darwin)
      racc (~> 1.4)
    nokogiri (1.14.2-x86_64-darwin)
      racc (~> 1.4)
    racc (1.6.2)
    rexml (3.2.5)
    rubyzip (2.3.2)
    selenium-webdriver (4.8.1)
      rexml (~> 3.2, >= 3.2.5)
      rubyzip (>= 1.2.2, < 3.0)
      websocket (~> 1.0)
    webdrivers (5.2.0)
      nokogiri (~> 1.6)
      rubyzip (>= 1.3.0)
      selenium-webdriver (~> 4.0)
    websocket (1.2.9)

PLATFORMS
  arm64-darwin-22
  x86_64-darwin-21

DEPENDENCIES
  selenium-webdriver
  webdrivers

BUNDLED WITH
   2.3.7
